GIT
  remote: git://github.com/juarlex/sinatra_warden
  revision: e0219f9addf256ae4440a3a00bd5dc23859d9447
  specs:
    sinatra_warden (0.3.2)
      sinatra (~> 1.3.3)
      warden (~> 1.2.1)

GEM
  remote: http://rubygems.org/
  specs:
    activemodel (3.2.8)
      activesupport (= 3.2.8)
      builder (~> 3.0.0)
    activesupport (3.2.8)
      i18n (~> 0.6)
      multi_json (~> 1.0)
    bcrypt-ruby (3.0.1)
    builder (3.0.3)
    coderay (1.0.8)
    configatron (2.9.1)
      yamler (>= 0.1.0)
    diff-lcs (1.1.3)
    haml (3.1.7)
    i18n (0.6.1)
    method_source (0.8)
    multi_json (1.3.6)
    net-ldap (0.3.1)
    pry (0.9.10)
      coderay (~> 1.0.5)
      method_source (~> 0.8)
      slop (~> 3.3.1)
    rack (1.4.1)
    rack-flash3 (1.0.1)
      rack
      rack
    rack-protection (1.2.0)
      rack
    rack-test (0.6.2)
      rack (>= 1.0)
    rack_csrf (2.4.0)
      rack (>= 0.9)
    rspec (2.11.0)
      rspec-core (~> 2.11.0)
      rspec-expectations (~> 2.11.0)
      rspec-mocks (~> 2.11.0)
    rspec-core (2.11.1)
    rspec-expectations (2.11.3)
      diff-lcs (~> 1.1.3)
    rspec-mocks (2.11.3)
    simplecov (0.6.4)
      multi_json (~> 1.0)
      simplecov-html (~> 0.5.3)
    simplecov-html (0.5.3)
    sinatra (1.3.3)
      rack (~> 1.3, >= 1.3.6)
      rack-protection (~> 1.2)
      tilt (~> 1.3, >= 1.3.3)
    sinatra-i18n (0.1.0)
    slop (3.3.3)
    tilt (1.3.3)
    warden (1.2.1)
      rack (>= 1.0)
    yamler (0.1.0)

PLATFORMS
  ruby

DEPENDENCIES
  activemodel (~> 3.2.8)
  bcrypt-ruby
  configatron (~> 2.9.1)
  haml (~> 3.1.7)
  net-ldap (~> 0.3.1)
  pry (~> 0.9.10)
  rack-flash3 (~> 1.0.1)
  rack-protection (~> 1.2.0)
  rack-test (~> 0.6.2)
  rack_csrf (~> 2.4.0)
  rspec (~> 2.11.0)
  simplecov (~> 0.6.4)
  sinatra (~> 1.3.3)
  sinatra-i18n (~> 0.1.0)
  sinatra_warden (= 0.3.2)!
